GEM
  remote: https://rubygems.org/
  specs:
    pg (1.5.4)

PLATFORMS
  arm64-darwin-21

DEPENDENCIES
  pg

BUNDLED WITH
   2.4.19
